STORAGE: NONE
RESTRICTION: == net462
NUGET
  remote: https://www.nuget.org/api/v2
    Argu (5.1)
      FSharp.Core (>= 4.0.0.1)
    FSharp.Core (4.5.2)
    Newtonsoft.Json (11.0.2)
    System.Management (4.5)

GROUP Tools
NUGET
  remote: https://www.nuget.org/api/v2
    LibZ.Tool (1.2)
