STORAGE: NONE
RESTRICTION: == net462
NUGET
  remote: https://www.nuget.org/api/v2
    Argu (4.0)
      FSharp.Core (>= 3.1)
    FSharp.Core (4.2.3)
    Newtonsoft.Json (10.0.3)

GROUP Tools
NUGET
  remote: https://www.nuget.org/api/v2
    LibZ.Tool (1.2)
