STORAGE: NONE
RESTRICTION: == net462
NUGET
  remote: https://www.nuget.org/api/v2
    Argu (4.0)
      FSharp.Core (>= 3.1)
    FSharp.Control.Reactive (4.1)
      FSharp.Core (>= 4.2.3)
      System.Reactive (>= 4.0)
    FSharp.Core (4.2.3)
    Newtonsoft.Json (10.0.3)
    System.Reactive (4.1.2)
      System.Threading.Tasks.Extensions (>= 4.5.1)
      System.ValueTuple (>= 4.4)
    System.Runtime.CompilerServices.Unsafe (4.5.2)
    System.Threading.Tasks.Extensions (4.5.1)
      System.Runtime.CompilerServices.Unsafe (>= 4.5)
    System.ValueTuple (4.5)

GROUP Tools
NUGET
  remote: https://www.nuget.org/api/v2
    LibZ.Tool (1.2)
